GEM
  remote: http://rubygems.org/
  specs:
    activesupport (3.0.7)
    i18n (0.5.0)
    mail (2.2.17)
      activesupport (>= 2.3.6)
      i18n (>= 0.4.0)
      mime-types (~> 1.16)
      treetop (~> 1.4.8)
    mime-types (1.16)
    mysql (2.8.1)
    polyglot (0.3.1)
    pony (1.2)
      mail (> 2.0)
    treetop (1.4.9)
      polyglot (>= 0.3.1)

PLATFORMS
  ruby

DEPENDENCIES
  mysql
  pony
